GEM
  remote: https://rubygems.org/
  specs:
    plist (3.4.0)

PLATFORMS
  ruby

DEPENDENCIES
  plist (~> 3.4)

BUNDLED WITH
   1.16.5
